GEM
  remote: https://rubygems.org/
  specs:
    chunky_png (1.2.9)
    oily_png (1.1.0)
      chunky_png (~> 1.2.7)

PLATFORMS
  ruby

DEPENDENCIES
  oily_png
